GEM
  remote: https://rubygems.org/
  specs:
    byebug (5.0.0)
      columnize (= 0.9.0)
    coderay (1.1.0)
    columnize (0.9.0)
    method_source (0.8.2)
    pry (0.10.2)
      coderay (~> 1.1.0)
      method_source (~> 0.8.1)
      slop (~> 3.4)
    pry-byebug (3.2.0)
      byebug (~> 5.0)
      pry (~> 0.10)
    rack (1.6.4)
    rack-vcr (0.1.4)
      vcr (~> 2.9)
    slop (3.6.0)
    vcr (2.9.3)

PLATFORMS
  ruby

DEPENDENCIES
  pry-byebug
  rack
  rack-vcr
